GEM
  remote: https://rubygems.org/
  specs:
    coderay (1.1.3)
    method_source (1.1.0)
    pry (0.15.2)
      coderay (~> 1.1)
      method_source (~> 1.0)
    rack (2.0.9.4)
    webrick (1.9.1)

PLATFORMS
  x86_64-linux

DEPENDENCIES
  pry
  rack (~> 2.0.1)
  webrick

BUNDLED WITH
   2.4.13
